GEM
  remote: https://rubygems.org/
  specs:
    chronic (0.10.2)
    haml (5.1.0)
      temple (>= 0.8.0)
      tilt
    mustermann (1.0.3)
    rack (2.0.7)
    rack-protection (2.0.5)
      rack
    sinatra (2.0.5)
      mustermann (~> 1.0)
      rack (~> 2.0)
      rack-protection (= 2.0.5)
      tilt (~> 2.0)
    sqlite3 (1.4.1)
    temple (0.8.1)
    tilt (2.0.9)
    whenever (0.11.0)
      chronic (>= 0.6.3)

PLATFORMS
  ruby

DEPENDENCIES
  haml!
  sinatra!
  sqlite3!
  whenever!

BUNDLED WITH
   1.16.1
